GIT
  remote: https://github.com/lisa/reve.git
  revision: b0e07e457e4a0948d5c85f9c0dc49f97cf6ebc73
  specs:
    reve (0.1.3)
      hpricot (>= 0.6)

GEM
  remote: https://rubygems.org/
  specs:
    coderay (1.1.0)
    crack (0.4.2)
      safe_yaml (~> 1.0.0)
    hpricot (0.8.6)
    httparty (0.13.1)
      json (~> 1.8)
      multi_xml (>= 0.5.2)
    json (1.8.1)
    method_source (0.8.2)
    multi_xml (0.5.5)
    pry (0.10.1)
      coderay (~> 1.1.0)
      method_source (~> 0.8.1)
      slop (~> 3.4)
    safe_yaml (1.0.3)
    slop (3.6.0)

PLATFORMS
  ruby

DEPENDENCIES
  crack
  httparty
  pry
  reve!
